GEM
  remote: https://rubygems.org/
  specs:
    csv (3.2.8)
    minitest (5.20.0)

PLATFORMS
  arm64-darwin-23
  ruby

DEPENDENCIES
  csv (~> 3.1)
  minitest (~> 5.14)

BUNDLED WITH
   2.6.1
